GIT
  remote: git://github.com/rweng/jquery-datatables-rails.git
  revision: 494f752b8eb8350f33841c822a67d014c869219f
  specs:
    jquery-datatables-rails (1.11.2)
      jquery-rails

GIT
  remote: git://github.com/thedarkone/rails-dev-boost.git
  revision: 3e25b06c5c536db4ce30647a9edb3ea94f739001
  specs:
    rails-dev-boost (0.2.1)
      listen (>= 0.5)
      railties (>= 3.0)

GIT
  remote: https://github.com/cgunther/formtastic-bootstrap.git
  revision: 3428fef4f7870b01241d65893b882ad32cfc18d8
  branch: bootstrap-2
  specs:
    formtastic-bootstrap (1.2.0)
      formtastic
      rails (>= 3.1.0)

GIT
  remote: https://github.com/jilion/useragent.git
  revision: 9fd0f887527850994c543caa7cf5327bd635dc02
  specs:
    useragent (0.2.3)

GEM
  remote: https://rubygems.org/
  specs:
    actionmailer (3.1.10)
      actionpack (= 3.1.10)
      mail (~> 2.3.3)
    actionpack (3.1.10)
      activemodel (= 3.1.10)
      activesupport (= 3.1.10)
      builder (~> 3.0.0)
      erubis (~> 2.7.0)
      i18n (~> 0.6)
      rack (~> 1.3.6)
      rack-cache (~> 1.2)
      rack-mount (~> 0.8.2)
      rack-test (~> 0.6.1)
      sprockets (~> 2.0.4)
    activemodel (3.1.10)
      activesupport (= 3.1.10)
      builder (~> 3.0.0)
      i18n (~> 0.6)
    activerecord (3.1.10)
      activemodel (= 3.1.10)
      activesupport (= 3.1.10)
      arel (~> 2.2.3)
      tzinfo (~> 0.3.29)
    activeresource (3.1.10)
      activemodel (= 3.1.10)
      activesupport (= 3.1.10)
    activesupport (3.1.10)
      multi_json (>= 1.0, < 1.3)
    arel (2.2.3)
    bcrypt-ruby (3.0.1)
    builder (3.0.4)
    cancan (1.6.9)
    capistrano (2.12.0)
      highline
      net-scp (>= 1.0.0)
      net-sftp (>= 2.0.0)
      net-ssh (>= 2.0.14)
      net-ssh-gateway (>= 1.1.0)
    cocaine (0.4.2)
    coffee-rails (3.1.1)
      coffee-script (>= 2.2.0)
      railties (~> 3.1.0)
    coffee-script (2.2.0)
      coffee-script-source
      execjs
    coffee-script-source (1.6.2)
    commonjs (0.2.6)
    devise (2.0.5)
      bcrypt-ruby (~> 3.0)
      orm_adapter (~> 0.0.3)
      railties (~> 3.1)
      warden (~> 1.1.1)
    dynamic_form (1.1.4)
    erubis (2.7.0)
    exception_notification (2.5.2)
      actionmailer (>= 3.0.4)
    execjs (1.4.0)
      multi_json (~> 1.0)
    fancybox-rails (0.1.4)
      railties (>= 3.1.0)
    ffi (1.7.0)
    formtastic (2.1.1)
      actionpack (~> 3.0)
    globalize3 (0.2.0)
      activemodel (>= 3.0.0)
      activerecord (>= 3.0.0)
      paper_trail (~> 2)
    gon (2.2.2)
      actionpack (>= 2.3.0)
      json
    has_permalink (0.1.4)
    highline (1.6.16)
    hike (1.2.2)
    i18n (0.6.4)
    i18n-js (2.1.2)
      i18n
    jquery-rails (1.0.19)
      railties (~> 3.0)
      thor (~> 0.14)
    jquery-ui-rails (3.0.1)
      jquery-rails
      railties (>= 3.1.0)
    json (1.7.7)
    kaminari (0.14.1)
      actionpack (>= 3.0.0)
      activesupport (>= 3.0.0)
    kgio (2.8.0)
    less (2.3.1)
      commonjs (~> 0.2.6)
    less-rails (2.3.2)
      actionpack (>= 3.1)
      less (~> 2.3.1)
    libv8 (3.11.8.17)
    listen (0.7.3)
    mail (2.3.3)
      i18n (>= 0.4.0)
      mime-types (~> 1.16)
      treetop (~> 1.4.8)
    mime-types (1.22)
    multi_json (1.2.0)
    mysql2 (0.3.11)
    net-scp (1.1.0)
      net-ssh (>= 2.6.5)
    net-sftp (2.1.1)
      net-ssh (>= 2.6.5)
    net-ssh (2.6.7)
    net-ssh-gateway (1.2.0)
      net-ssh (>= 2.6.5)
    orm_adapter (0.0.7)
    paper_trail (2.7.1)
      activerecord (~> 3.0)
      railties (~> 3.0)
    paperclip (3.4.0)
      activemodel (>= 3.0.0)
      activerecord (>= 3.0.0)
      activesupport (>= 3.0.0)
      cocaine (~> 0.4.0)
      mime-types
    paperclip-meta (0.4.3)
      paperclip
    polyglot (0.3.3)
    psych (1.2.2)
    rack (1.3.10)
    rack-cache (1.2)
      rack (>= 0.4)
    rack-mount (0.8.3)
      rack (>= 1.0.0)
    rack-ssl (1.3.3)
      rack
    rack-test (0.6.2)
      rack (>= 1.0)
    rails (3.1.10)
      actionmailer (= 3.1.10)
      actionpack (= 3.1.10)
      activerecord (= 3.1.10)
      activeresource (= 3.1.10)
      activesupport (= 3.1.10)
      bundler (~> 1.0)
      railties (= 3.1.10)
    railties (3.1.10)
      actionpack (= 3.1.10)
      activesupport (= 3.1.10)
      rack-ssl (~> 1.3.2)
      rake (>= 0.8.7)
      rdoc (~> 3.4)
      thor (~> 0.14.6)
    raindrops (0.10.0)
    rake (10.0.4)
    rb-inotify (0.9.0)
      ffi (>= 0.5.0)
    rdoc (3.12.2)
      json (~> 1.4)
    ref (1.0.4)
    sass (3.2.7)
    sass-rails (3.1.4)
      actionpack (~> 3.1.0)
      railties (~> 3.1.0)
      sass (>= 3.1.4)
      sprockets (~> 2.0.0)
      tilt (~> 1.3.2)
    sprockets (2.0.4)
      hike (~> 1.2)
      rack (~> 1.0)
      tilt (~> 1.1, != 1.3.0)
    subexec (0.2.2)
    therubyracer (0.11.4)
      libv8 (~> 3.11.8.12)
      ref
    thor (0.14.6)
    tilt (1.3.7)
    treetop (1.4.12)
      polyglot
      polyglot (>= 0.3.1)
    twitter-bootstrap-rails (2.1.9)
      actionpack (>= 3.1)
      execjs
      railties (>= 3.1)
    tzinfo (0.3.37)
    uglifier (2.0.1)
      execjs (>= 0.3.0)
      multi_json (~> 1.0, >= 1.0.2)
    unicorn (4.2.1)
      kgio (~> 2.6)
      rack
      raindrops (~> 0.7)
    unidecoder (1.1.1)
    warden (1.1.1)
      rack (>= 1.0)
    will_paginate (3.0.3)

PLATFORMS
  ruby

DEPENDENCIES
  bundler (~> 1.2.0)
  cancan (~> 1.6.8)
  capistrano (~> 2.12.0)
  coffee-rails (~> 3.1.1)
  devise (~> 2.0.4)
  dynamic_form (~> 1.1.4)
  exception_notification (~> 2.5.2)
  fancybox-rails (~> 0.1.4)
  formtastic (~> 2.1.1)
  formtastic-bootstrap!
  globalize3 (~> 0.2.0)
  gon (~> 2.2.2)
  has_permalink (~> 0.1.4)
  i18n-js (~> 2.1.2)
  jquery-datatables-rails!
  jquery-rails (~> 1.0.19)
  jquery-ui-rails
  json
  kaminari (~> 0.14.1)
  less-rails
  mysql2 (~> 0.3.11)
  paperclip (~> 3.4.0)
  paperclip-meta (~> 0.4.3)
  psych (~> 1.2.2)
  rails (= 3.1.10)
  rails-dev-boost!
  rb-inotify (~> 0.9)
  sass-rails (= 3.1.4)
  subexec (~> 0.2.2)
  therubyracer
  twitter-bootstrap-rails (~> 2.1.0)
  uglifier (>= 1.0.3)
  unicorn (~> 4.2.1)
  unidecoder (~> 1.1.1)
  useragent!
  will_paginate (= 3.0.3)
